PATH
  remote: .
  specs:
    inst-jobs-statsd (3.0.0)
      inst-jobs (>= 3.1.1, < 4.0)
      inst_statsd (~> 3.0)

GEM
  remote: https://rubygems.org/
  specs:
    actionpack (7.0.3)
      actionview (= 7.0.3)
      activesupport (= 7.0.3)
      rack (~> 2.0, >= 2.2.0)
      rack-test (>= 0.6.3)
      rails-dom-testing (~> 2.0)
      rails-html-sanitizer (~> 1.0, >= 1.2.0)
    actionview (7.0.3)
      activesupport (= 7.0.3)
      builder (~> 3.1)
      erubi (~> 1.4)
      rails-dom-testing (~> 2.0)
      rails-html-sanitizer (~> 1.1, >= 1.2.0)
    activemodel (7.0.3)
      activesupport (= 7.0.3)
    activerecord (7.0.3)
      activemodel (= 7.0.3)
      activesupport (= 7.0.3)
    activerecord-pg-extensions (0.4.4)
      activerecord (>= 6.0, < 7.1)
      railties (>= 6.0, < 7.1)
    activesupport (7.0.3)
      concurrent-ruby (~> 1.0, >= 1.0.2)
      i18n (>= 1.6, < 2)
      minitest (>= 5.1)
      tzinfo (~> 2.0)
    after_transaction_commit (2.2.2)
      activerecord (>= 5.2)
    aroi (1.0.0)
      activerecord (>= 5.2)
      activesupport (>= 5.2)
    ast (2.4.2)
    builder (3.2.4)
    bump (0.10.0)
    byebug (11.1.3)
    coderay (1.1.3)
    concurrent-ruby (1.1.10)
    crass (1.0.6)
    database_cleaner (1.99.0)
    debug_inspector (1.1.0)
    diff-lcs (1.5.0)
    docile (1.4.0)
    dogstatsd-ruby (4.8.3)
    erubi (1.10.0)
    et-orbi (1.2.7)
      tzinfo
    factory_girl (4.9.0)
      activesupport (>= 3.0.0)
    fugit (1.5.3)
      et-orbi (~> 1, >= 1.2.7)
      raabro (~> 1.4)
    i18n (1.10.0)
      concurrent-ruby (~> 1.0)
    inst-jobs (3.1.1)
      activerecord (>= 6.0)
      activerecord-pg-extensions (~> 0.4.4)
      activesupport (>= 6.0)
      after_transaction_commit (>= 1.0, < 3)
      debug_inspector (~> 1.0)
      fugit (~> 1.3)
      railties (>= 6.0)
    inst_statsd (3.0.1)
      aroi (>= 0.0.7)
      dogstatsd-ruby (~> 4.2)
      statsd-ruby (~> 1.0)
    loofah (2.17.0)
      crass (~> 1.0.2)
      nokogiri (>= 1.5.9)
    method_source (1.0.0)
    minitest (5.15.0)
    nokogiri (1.13.6-x86_64-darwin)
      racc (~> 1.4)
    parser (2.7.2.0)
      ast (~> 2.4.1)
    pg (1.3.5)
    powerpack (0.1.3)
    pry (0.14.1)
      coderay (~> 1.1)
      method_source (~> 1.0)
    raabro (1.4.0)
    racc (1.6.0)
    rack (2.2.3)
    rack-test (1.1.0)
      rack (>= 1.0, < 3)
    rails-dom-testing (2.0.3)
      activesupport (>= 4.2.0)
      nokogiri (>= 1.6)
    rails-html-sanitizer (1.4.2)
      loofah (~> 2.3)
    railties (7.0.3)
      actionpack (= 7.0.3)
      activesupport (= 7.0.3)
      method_source
      rake (>= 12.2)
      thor (~> 1.0)
      zeitwerk (~> 2.5)
    rainbow (2.2.2)
      rake
    rake (13.0.6)
    rspec (3.11.0)
      rspec-core (~> 3.11.0)
      rspec-expectations (~> 3.11.0)
      rspec-mocks (~> 3.11.0)
    rspec-core (3.11.0)
      rspec-support (~> 3.11.0)
    rspec-expectations (3.11.0)
      diff-lcs (>= 1.2.0, < 2.0)
      rspec-support (~> 3.11.0)
    rspec-mocks (3.11.1)
      diff-lcs (>= 1.2.0, < 2.0)
      rspec-support (~> 3.11.0)
    rspec-support (3.11.0)
    rubocop (0.48.1)
      parser (>= 2.3.3.1, < 3.0)
      powerpack (~> 0.1)
      rainbow (>= 1.99.1, < 3.0)
      ruby-progressbar (~> 1.7)
      unicode-display_width (~> 1.0, >= 1.0.1)
    ruby-progressbar (1.11.0)
    simplecov (0.21.2)
      docile (~> 1.1)
      simplecov-html (~> 0.11)
      simplecov_json_formatter (~> 0.1)
    simplecov-html (0.12.3)
    simplecov_json_formatter (0.1.4)
    statsd-ruby (1.5.0)
    thor (1.2.1)
    timecop (0.9.5)
    tzinfo (2.0.4)
      concurrent-ruby (~> 1.0)
    unicode-display_width (1.8.0)
    wwtd (1.4.1)
    zeitwerk (2.5.4)

PLATFORMS
  x86_64-darwin-20
  x86_64-darwin-22

DEPENDENCIES
  bump
  bundler
  byebug
  database_cleaner (~> 1.7)
  factory_girl
  inst-jobs-statsd!
  pg (~> 1.2)
  pry
  rake
  rspec (~> 3.9)
  rubocop (~> 0.48.0)
  simplecov (~> 0.17)
  timecop
  wwtd (~> 1.4.0)

BUNDLED WITH
   2.4.6
